GEM
  remote: https://rubygems.org/
  specs:
    geocoder (1.4.7)
    json (2.1.0)
    mustermann (1.0.2)
    puma (3.10.0)
    rack (2.0.3)
    rack-protection (2.0.1)
      rack
    sinatra (2.0.1)
      mustermann (~> 1.0)
      rack (~> 2.0)
      rack-protection (= 2.0.1)
      tilt (~> 2.0)
    svg-graph (2.1.3)
    tilt (2.0.8)

PLATFORMS
  ruby

DEPENDENCIES
  geocoder
  json
  puma
  rack
  sinatra
  svg-graph

BUNDLED WITH
   1.13.1
